GEM
  remote: https://rubygems.org/
  specs:
    logger (1.6.6)
    ruby-progressbar (1.13.0)
    thor (1.3.2)

PLATFORMS
  aarch64-linux-gnu
  x86_64-linux

DEPENDENCIES
  logger (= 1.6.6)
  ruby-progressbar (= 1.13.0)
  thor (= 1.3.2)

BUNDLED WITH
   2.5.17
