GEM
  remote: https://rubygems.org/
  specs:
    logger (1.7.0)
    rake (13.2.1)
    ruby-progressbar (1.13.0)
    thor (1.3.2)

PLATFORMS
  aarch64-linux
  x86_64-linux

DEPENDENCIES
  logger (= 1.7.0)
  rake (= 13.2.1)
  ruby-progressbar (= 1.13.0)
  thor (= 1.3.2)

BUNDLED WITH
   2.5.17
